GEM
  remote: https://rubygems.org/
  specs:
    diff-lcs (1.4.4)
    git (1.7.0)
      rchardet (~> 1.8)
    rchardet (1.8.0)
    rspec (3.9.0)
      rspec-core (~> 3.9.0)
      rspec-expectations (~> 3.9.0)
      rspec-mocks (~> 3.9.0)
    rspec-core (3.9.2)
      rspec-support (~> 3.9.3)
    rspec-expectations (3.9.2)
      diff-lcs (>= 1.2.0, < 2.0)
      rspec-support (~> 3.9.0)
    rspec-mocks (3.9.1)
      diff-lcs (>= 1.2.0, < 2.0)
      rspec-support (~> 3.9.0)
    rspec-support (3.9.3)
    semver (1.0.1)

PLATFORMS
  ruby

DEPENDENCIES
  git
  rspec
  semver

BUNDLED WITH
   2.1.4
