GEM
  remote: https://rubygems.org/
  specs:
    git (1.7.0)
      rchardet (~> 1.8)
    rchardet (1.8.0)
    semver (1.0.1)

PLATFORMS
  ruby

DEPENDENCIES
  git
  semver

BUNDLED WITH
   2.1.4
